NUGET
  remote: https://www.nuget.org/api/v2
    FAKE (4.39)
  remote: http://progetserver:81/nuget/Default
    NUnit (3.4.1)
